GEM
  remote: http://rubygems.org/
  specs:
    rack (1.6.5)
    rack-protection (1.5.3)
      rack
    rack-test (0.6.3)
      rack (>= 1.0)
    sinatra (1.4.8)
      rack (~> 1.5)
      rack-protection (~> 1.4)
      tilt (>= 1.3, < 3)
    tilt (2.0.6)

PLATFORMS
  x64-mingw32

DEPENDENCIES
  rack
  rack-test
  sinatra

RUBY VERSION
   ruby 2.3.3p222

BUNDLED WITH
   1.14.5
